PATH
  remote: .
  specs:
    cube_js (0.0.1)

GEM
  remote: https://rubygems.org/
  specs:
    minitest (5.14.4)
    rake (12.3.3)
    zeitwerk (2.5.1)

PLATFORMS
  ruby

DEPENDENCIES
  cube_js!
  minitest (~> 5.0)
  rake (~> 12.0)
  zeitwerk (~> 2.5, >= 2.5.1)

BUNDLED WITH
   2.1.4
