PATH
  remote: .
  specs:
    cube_js (0.0.1)
      faraday (~> 1.8)
      faraday_middleware (~> 1.2)
      zeitwerk (~> 2.5, >= 2.5.1)

GEM
  remote: https://rubygems.org/
  specs:
    faraday (1.8.0)
      faraday-em_http (~> 1.0)
      faraday-em_synchrony (~> 1.0)
      faraday-excon (~> 1.1)
      faraday-httpclient (~> 1.0.1)
      faraday-net_http (~> 1.0)
      faraday-net_http_persistent (~> 1.1)
      faraday-patron (~> 1.0)
      faraday-rack (~> 1.0)
      multipart-post (>= 1.2, < 3)
      ruby2_keywords (>= 0.0.4)
    faraday-em_http (1.0.0)
    faraday-em_synchrony (1.0.0)
    faraday-excon (1.1.0)
    faraday-httpclient (1.0.1)
    faraday-net_http (1.0.1)
    faraday-net_http_persistent (1.2.0)
    faraday-patron (1.0.0)
    faraday-rack (1.0.0)
    faraday_middleware (1.2.0)
      faraday (~> 1.0)
    minitest (5.14.4)
    multipart-post (2.1.1)
    rake (12.3.3)
    ruby2_keywords (0.0.5)
    zeitwerk (2.5.1)

PLATFORMS
  ruby

DEPENDENCIES
  cube_js!
  minitest (~> 5.0)
  rake (~> 12.0)

BUNDLED WITH
   2.1.4
